GEM
  remote: http://rubygems.org/
  specs:
    actioncable (7.1.3.1)
      actionpack (= 7.1.3.1)
      activesupport (= 7.1.3.1)
      nio4r (~> 2.0)
      websocket-driver (>= 0.6.1)
      zeitwerk (~> 2.6)
    actionmailbox (7.1.3.1)
      actionpack (= 7.1.3.1)
      activejob (= 7.1.3.1)
      activerecord (= 7.1.3.1)
      activestorage (= 7.1.3.1)
      activesupport (= 7.1.3.1)
      mail (>= 2.7.1)
      net-imap
      net-pop
      net-smtp
    actionmailer (7.1.3.1)
      actionpack (= 7.1.3.1)
      actionview (= 7.1.3.1)
      activejob (= 7.1.3.1)
      activesupport (= 7.1.3.1)
      mail (~> 2.5, >= 2.5.4)
      net-imap
      net-pop
      net-smtp
      rails-dom-testing (~> 2.2)
    actionpack (7.1.3.1)
      actionview (= 7.1.3.1)
      activesupport (= 7.1.3.1)
      nokogiri (>= 1.8.5)
      racc
      rack (>= 2.2.4)
      rack-session (>= 1.0.1)
      rack-test (>= 0.6.3)
      rails-dom-testing (~> 2.2)
      rails-html-sanitizer (~> 1.6)
    actiontext (7.1.3.1)
      actionpack (= 7.1.3.1)
      activerecord (= 7.1.3.1)
      activestorage (= 7.1.3.1)
      activesupport (= 7.1.3.1)
      globalid (>= 0.6.0)
      nokogiri (>= 1.8.5)
    actionview (7.1.3.1)
      activesupport (= 7.1.3.1)
      builder (~> 3.1)
      erubi (~> 1.11)
      rails-dom-testing (~> 2.2)
      rails-html-sanitizer (~> 1.6)
    activejob (7.1.3.1)
      activesupport (= 7.1.3.1)
      globalid (>= 0.3.6)
    activemodel (7.1.3.1)
      activesupport (= 7.1.3.1)
    activerecord (7.1.3.1)
      activemodel (= 7.1.3.1)
      activesupport (= 7.1.3.1)
      timeout (>= 0.4.0)
    activestorage (7.1.3.1)
      actionpack (= 7.1.3.1)
      activejob (= 7.1.3.1)
      activerecord (= 7.1.3.1)
      activesupport (= 7.1.3.1)
      marcel (~> 1.0)
    activesupport (7.1.3.1)
      base64
      bigdecimal
      concurrent-ruby (~> 1.0, >= 1.0.2)
      connection_pool (>= 2.2.5)
      drb
      i18n (>= 1.6, < 2)
      minitest (>= 5.1)
      mutex_m
      tzinfo (~> 2.0)
    base64 (0.3.0)
    benchmark (0.4.1)
    bigdecimal (3.2.3)
    bootsnap (1.18.6)
      msgpack (~> 1.2)
    builder (3.3.0)
    concurrent-ruby (1.3.5)
    connection_pool (2.5.4)
    crass (1.0.6)
    date (3.4.1)
    diff-lcs (1.6.2)
    drb (2.2.3)
    erb (5.0.2)
    erubi (1.13.1)
    factory_bot (6.5.5)
      activesupport (>= 6.1.0)
    factory_bot_rails (6.5.1)
      factory_bot (~> 6.5)
      railties (>= 6.1.0)
    globalid (1.3.0)
      activesupport (>= 6.1)
    haml (6.3.0)
      temple (>= 0.8.2)
      thor
      tilt
    haml-rails (3.0.0)
      actionpack (>= 5.1)
      activesupport (>= 5.1)
      haml (>= 4.0.6)
      railties (>= 5.1)
    i18n (1.14.7)
      concurrent-ruby (~> 1.0)
    io-console (0.8.1)
    irb (1.15.2)
      pp (>= 0.6.0)
      rdoc (>= 4.0.0)
      reline (>= 0.4.2)
    jquery-rails (4.6.0)
      rails-dom-testing (>= 1, < 3)
      railties (>= 4.2.0)
      thor (>= 0.14, < 2.0)
    logger (1.7.0)
    loofah (2.24.1)
      crass (~> 1.0.2)
      nokogiri (>= 1.12.0)
    mail (2.8.1)
      mini_mime (>= 0.1.1)
      net-imap
      net-pop
      net-smtp
    marcel (1.1.0)
    mini_mime (1.1.5)
    mini_portile2 (2.8.9)
    minitest (5.25.5)
    msgpack (1.8.0)
    mutex_m (0.3.0)
    net-imap (0.5.11)
      date
      net-protocol
    net-pop (0.1.2)
      net-protocol
    net-protocol (0.2.2)
      timeout
    net-smtp (0.5.1)
      net-protocol
    nio4r (2.7.4)
    nokogiri (1.18.10)
      mini_portile2 (~> 2.8.2)
      racc (~> 1.4)
    nokogiri (1.18.10-x86_64-linux-gnu)
      racc (~> 1.4)
    observer (0.1.2)
    pkg-config (1.6.4)
    pp (0.6.2)
      prettyprint
    prettyprint (0.2.0)
    psych (5.2.6)
      date
      stringio
    puma (6.6.1)
      nio4r (~> 2.0)
    racc (1.8.1)
    rack (3.2.3)
    rack-session (2.1.1)
      base64 (>= 0.1.0)
      rack (>= 3.0.0)
    rack-test (2.2.0)
      rack (>= 1.3)
    rackup (2.2.1)
      rack (>= 3)
    rails (7.1.3.1)
      actioncable (= 7.1.3.1)
      actionmailbox (= 7.1.3.1)
      actionmailer (= 7.1.3.1)
      actionpack (= 7.1.3.1)
      actiontext (= 7.1.3.1)
      actionview (= 7.1.3.1)
      activejob (= 7.1.3.1)
      activemodel (= 7.1.3.1)
      activerecord (= 7.1.3.1)
      activestorage (= 7.1.3.1)
      activesupport (= 7.1.3.1)
      bundler (>= 1.15.0)
      railties (= 7.1.3.1)
    rails-dom-testing (2.3.0)
      activesupport (>= 5.0.0)
      minitest
      nokogiri (>= 1.6)
    rails-html-sanitizer (1.6.2)
      loofah (~> 2.21)
      nokogiri (>= 1.15.7, != 1.16.7, != 1.16.6, != 1.16.5, != 1.16.4, != 1.16.3, != 1.16.2, != 1.16.1, != 1.16.0.rc1, != 1.16.0)
    railties (7.1.3.1)
      actionpack (= 7.1.3.1)
      activesupport (= 7.1.3.1)
      irb
      rackup (>= 1.0.0)
      rake (>= 12.2)
      thor (~> 1.0, >= 1.2.2)
      zeitwerk (~> 2.6)
    rake (13.3.0)
    rdoc (6.14.2)
      erb
      psych (>= 4.0.0)
    reline (0.6.2)
      io-console (~> 0.5)
    rmagick (5.5.0)
      observer (~> 0.1)
      pkg-config (~> 1.4)
    rspec-core (3.13.5)
      rspec-support (~> 3.13.0)
    rspec-expectations (3.13.5)
      diff-lcs (>= 1.2.0, < 2.0)
      rspec-support (~> 3.13.0)
    rspec-mocks (3.13.5)
      diff-lcs (>= 1.2.0, < 2.0)
      rspec-support (~> 3.13.0)
    rspec-rails (6.1.5)
      actionpack (>= 6.1)
      activesupport (>= 6.1)
      railties (>= 6.1)
      rspec-core (~> 3.13)
      rspec-expectations (~> 3.13)
      rspec-mocks (~> 3.13)
      rspec-support (~> 3.13)
    rspec-support (3.13.6)
    sqlite3 (1.7.3)
      mini_portile2 (~> 2.8.0)
    stimulus-rails (1.3.4)
      railties (>= 6.0.0)
    stringio (3.1.7)
    temple (0.10.4)
    thor (1.4.0)
    tilt (2.6.1)
    timeout (0.4.3)
    turbo-rails (2.0.17)
      actionpack (>= 7.1.0)
      railties (>= 7.1.0)
    tzinfo (2.0.6)
      concurrent-ruby (~> 1.0)
    websocket-driver (0.8.0)
      base64
      websocket-extensions (>= 0.1.0)
    websocket-extensions (0.1.5)
    will_paginate (4.0.1)
    zeitwerk (2.7.3)

PLATFORMS
  ruby
  x86_64-linux

DEPENDENCIES
  benchmark (~> 0.2)
  bootsnap (>= 1.14.0)
  factory_bot_rails (~> 6.5)
  haml-rails
  jquery-rails
  logger (~> 1.5)
  puma (~> 6.4)
  rails (= 7.1.3.1)
  rmagick (~> 5.3)
  rspec-rails (~> 6.0)
  sqlite3 (~> 1.6)
  stimulus-rails
  turbo-rails
  will_paginate (~> 4.0)

BUNDLED WITH
   2.7.2
